PATH
  remote: .
  specs:
    double_settings (0.0.1)

GEM
  remote: https://rubygems.org/
  specs:

PLATFORMS
  ruby

DEPENDENCIES
  double_settings!
